GEM
  remote: https://rubygems.org/
  specs:
    adsf (1.2.0)
      rack (>= 1.0.0)
    builder (3.2.2)
    colored (1.2)
    cri (2.7.0)
      colored (~> 1.2)
    kramdown (1.5.0)
    nanoc (3.6.11)
      cri (~> 2.3)
    rack (1.6.4)

PLATFORMS
  ruby

DEPENDENCIES
  adsf
  builder
  kramdown
  nanoc (~> 3.6.4)
